GEM
  remote: http://rubygems.org/
  specs:
    actionmailer (3.1.4)
      actionpack (= 3.1.4)
      mail (~> 2.3.0)
    actionpack (3.1.4)
      activemodel (= 3.1.4)
      activesupport (= 3.1.4)
      builder (~> 3.0.0)
      erubis (~> 2.7.0)
      i18n (~> 0.6)
      rack (~> 1.3.6)
      rack-cache (~> 1.1)
      rack-mount (~> 0.8.2)
      rack-test (~> 0.6.1)
      sprockets (~> 2.0.3)
    activemodel (3.1.4)
      activesupport (= 3.1.4)
      builder (~> 3.0.0)
      i18n (~> 0.6)
    activerecord (3.1.4)
      activemodel (= 3.1.4)
      activesupport (= 3.1.4)
      arel (~> 2.2.3)
      tzinfo (~> 0.3.29)
    activeresource (3.1.4)
      activemodel (= 3.1.4)
      activesupport (= 3.1.4)
    activesupport (3.1.4)
      multi_json (~> 1.0)
    arel (2.2.3)
    bcrypt-ruby (3.0.1)
    builder (3.0.4)
    chunky_png (1.2.6)
    compass (0.12.2)
      chunky_png (~> 1.2)
      fssm (>= 0.2.7)
      sass (~> 3.1)
    compass-rails (1.0.3)
      compass (>= 0.12.2, < 0.14)
    devise (1.5.3)
      bcrypt-ruby (~> 3.0)
      orm_adapter (~> 0.0.3)
      warden (~> 1.1)
    diff-lcs (1.1.3)
    erubis (2.7.0)
    execjs (1.4.0)
      multi_json (~> 1.0)
    fssm (0.2.9)
    hike (1.2.1)
    i18n (0.6.1)
    jquery-rails (1.0.12)
      railties (~> 3.0)
      thor (~> 0.14)
    json (1.7.5)
    mail (2.3.3)
      i18n (>= 0.4.0)
      mime-types (~> 1.16)
      treetop (~> 1.4.8)
    mime-types (1.19)
    multi_json (1.3.7)
    orm_adapter (0.0.7)
    pg (0.14.1)
    polyglot (0.3.3)
    rack (1.3.6)
    rack-cache (1.2)
      rack (>= 0.4)
    rack-mount (0.8.3)
      rack (>= 1.0.0)
    rack-ssl (1.3.2)
      rack
    rack-test (0.6.2)
      rack (>= 1.0)
    rails (3.1.4)
      actionmailer (= 3.1.4)
      actionpack (= 3.1.4)
      activerecord (= 3.1.4)
      activeresource (= 3.1.4)
      activesupport (= 3.1.4)
      bundler (~> 1.0)
      railties (= 3.1.4)
    railties (3.1.4)
      actionpack (= 3.1.4)
      activesupport (= 3.1.4)
      rack-ssl (~> 1.3.2)
      rake (>= 0.8.7)
      rdoc (~> 3.4)
      thor (~> 0.14.6)
    rake (10.0.2)
    rdoc (3.12)
      json (~> 1.4)
    rspec-core (2.12.0)
    rspec-expectations (2.12.0)
      diff-lcs (~> 1.1.3)
    rspec-mocks (2.12.0)
    rspec-rails (2.12.0)
      actionpack (>= 3.0)
      activesupport (>= 3.0)
      railties (>= 3.0)
      rspec-core (~> 2.12.0)
      rspec-expectations (~> 2.12.0)
      rspec-mocks (~> 2.12.0)
    sass (3.2.3)
    sass-rails (3.1.6)
      actionpack (~> 3.1.0)
      railties (~> 3.1.0)
      sass (>= 3.1.10)
      tilt (~> 1.3.2)
    sprockets (2.0.4)
      hike (~> 1.2)
      rack (~> 1.0)
      tilt (~> 1.1, != 1.3.0)
    therubyracer-heroku (0.8.1.pre3)
    thor (0.14.6)
    tilt (1.3.3)
    treetop (1.4.12)
      polyglot
      polyglot (>= 0.3.1)
    tzinfo (0.3.35)
    uglifier (1.3.0)
      execjs (>= 0.3.0)
      multi_json (~> 1.0, >= 1.0.2)
    warden (1.2.1)
      rack (>= 1.0)

PLATFORMS
  ruby

DEPENDENCIES
  compass-rails
  devise (= 1.5.3)
  jquery-rails (= 1.0.12)
  pg
  rails (= 3.1.4)
  rspec-rails (>= 2.0.0.beta)
  sass-rails
  therubyracer-heroku (= 0.8.1.pre3)
  uglifier
